##TITLE=Parameter List, ParaVision 6.0.1
##JCAMPDX=4.24
##DATATYPE=Parameter Values
##ORIGIN=Bruker BioSpin MRI GmbH
##OWNER=mri
$$ 2026-01-29 10:40:25.677 +0100  mri@CZC44326GH
$$ /opt/PV6.0.1/data/mri/20260107_110138_UBC_FirstCheck_1_1/233/acqu
$$ process /opt/PV6.0.1/prog/mod/parx
##$BYTORDA=0
##$TD=64
##$NS=1
##$AQ_mod=3
##$BF1=300.327818655858
##$BF2=300.34
##$BF3=300.34
##$BF4=300.34
##$BF5=300.34
##$BF6=300.34
##$BF7=300.34
##$BF8=300.34
##$D=0.000657157894736857 0.00012 0.00068157894736842 0.000137 0 
0.000986580044938721 0.000544998902429699 0 2.5e-05 0.000685 1e-05 
0.00068157894736842 0 0 0 0 0 0 0 0 0 0 0 0 0 0 0 0 0 0 0 0 0 0 0 0 0 0 0 0 0 
0 0 0 0 0 0 0 0 0 0 0 0 0 0 0 0 0 0 0 0 0 0 0
##$DATE=0
##$DE=6
##$DECIM=400
##$DIGTYP=12
##$DIGMOD=1
##$DR=21
##$DS=20
##$DSPFIRM=1
##$DSPFVS=21
##$FCUCHAN=0 2 0 0 0 0 0 0 0 0
##$FQ1LIST=<ACQ_O1_list>
##$FQ2LIST=<ACQ_O2_list>
##$FQ3LIST=<ACQ_O3_list>
##$FQ8LIST=<ACQ_O1B_list>
##$FW=0
##$GRDPROG=<>
##$GRPDLY=-1
##$HDDUTY=20
##$HDRATE=1
##$HPPRGN=0
##$INSTRUM=<>
##$L=0 160 4 0 0 0 0 0 0 0 0 0 0 0 0 0 0 0 0 0 0 0 0 0 0 0 0 0 0 0 0 0
##$LOCNUC=<off>
##$NBL=1
##$NLOGCH=2
##$NUC1=<1H>
##$NUC2=<off>
##$NUC3=<off>
##$NUC4=<off>
##$NUC5=<off>
##$NUC6=<off>
##$NUC7=<off>
##$NUC8=<off>
##$NUCLEUS=<1H>
##$O1=0
##$O2=0
##$O3=0
##$O4=0
##$O5=0
##$O6=0
##$O7=0
##$O8=0
##$P=2100 1700 0 0 0 0 0 0 0 0 0 0 0 0 0 0 0 0 0 0 0 0 0 0 0 0 0 0 0 0 0 0 0 0 
0 0 0 0 0 0 0 0 0 0 0 0 0 0 0 0 0 0 0 0 0 0 0 0 0 0 0 0 0 0
##$PAPS=2
##$PARMODE=1
##$PH_ref=0
##$PLW=0 0 0 0 0 0 0 0 0 0 0 0 0 0 0 0 0 0 0 0 0 0 0 0 0 0 0 0 0 0 0 0 0 0 0 0 
0 0 0 0 0 0 0 0 0 0 0 0 0 0 0 0 0 0 0 0 0 0 0 0 0 0 0 0
##$HPMOD=0 0 1 0 0 0 0 0
##$POWMOD=1
##$PRECHAN=-1 -1 4 -1 -1 -1 -1 -1 -1 -1 -1 -1 -1 -1 -1 -1
##$PULPROG=<RARE.ppg>
##$QNP=1
##$RECCHAN=0 2 0 0 0 0 0 0 0 0 0 0 0 0 0 0
##$RECPRE=-1 -1 4 -1 -1 -1 -1 -1 -1 -1 -1 -1 -1 -1 -1 -1
##$RECSEL=0 0 2 0 0 0 0 0 0 0 0 0 0 0 0 0
##$RG=64
##$RSEL=0 0 2 0 0 0 0 0 0 0 0 0 0 0 0 0
##$SELREC=0 0 0 0 0 0 0 0 0 0
##$SFO1=300.327818655858
##$SFO2=300.34
##$SFO3=300.34
##$SFO4=300.34
##$SFO5=300.34
##$SFO6=300.34
##$SFO7=300.34
##$SFO8=300.34
##$SOLVENT=<>
##$SPW=6.90803254724349 82.6515016515236 0 0 0 0 0 0 0 0 0 0 0 0 0 0 0 0 0 0 0 
0 0 0 0 0 0 0 0 0 0 0 0 0 0 0 0 0 0 0 1.90817197681274 9.14438873467655 
80.6060763180606 0 15.5430732312978 42.4731923731665 80.6060763180606 0 0 0 0 
0 0 0 0 0 0 0 0 0 0 0 0 0
##$SPOFFS=0 0 0 0 0 0 0 0 0 0 0 0 0 0 0 0 0 0 0 0 0 0 0 0 0 0 0 0 0 0 0 0 0 0 
0 0 0 0 0 0 0 0 0 0 0 0 0 0 0 0 0 0 0 0 0 0 0 0 0 0 0 0 0 0
##$SPNAM0=<$ExcPulse1Shape>
##$SPNAM1=<$RefPulse1Shape>
##$SPNAM2=<>
##$SPNAM3=<>
##$SPNAM4=<>
##$SPNAM5=<>
##$SPNAM6=<>
##$SPNAM7=<>
##$SPNAM8=<>
##$SPNAM9=<>
##$SPNAM10=<>
##$SPNAM11=<>
##$SPNAM12=<>
##$SPNAM13=<>
##$SPNAM14=<>
##$SPNAM15=<>
##$SPNAM16=<>
##$SPNAM17=<>
##$SPNAM18=<>
##$SPNAM19=<>
##$SPNAM20=<>
##$SPNAM21=<>
##$SPNAM22=<>
##$SPNAM23=<>
##$SPNAM24=<>
##$SPNAM25=<>
##$SPNAM26=<>
##$SPNAM27=<>
##$SPNAM28=<>
##$SPNAM29=<>
##$SPNAM30=<>
##$SPNAM31=<>
##$SPNAM32=<>
##$SPNAM33=<>
##$SPNAM34=<>
##$SPNAM35=<>
##$SPNAM36=<>
##$SPNAM37=<>
##$SPNAM38=<>
##$SPNAM39=<>
##$SPNAM40=<$PVM_FatSupPulShape>
##$SPNAM41=<sech.exc>
##$SPNAM42=<$PVM_SelIrPulShape>
##$SPNAM43=<>
##$SPNAM44=<$PVM_FlowSatPulShape>
##$SPNAM45=<bp.exc>
##$SPNAM46=<$PVM_BlBloodPulShape>
##$SPNAM47=<>
##$SPNAM48=<>
##$SPNAM49=<>
##$SPNAM50=<>
##$SPNAM51=<>
##$SPNAM52=<>
##$SPNAM53=<>
##$SPNAM54=<>
##$SPNAM55=<>
##$SPNAM56=<>
##$SPNAM57=<>
##$SPNAM58=<>
##$SPNAM59=<>
##$SPNAM60=<>
##$SPNAM61=<>
##$SPNAM62=<>
##$SPNAM63=<>
##$SPOAL=0.5 0 0.5 0.5 0.5 0.5 0.5 0.5 0.5 0.5 0.5 0.5 0.5 0.5 0.5 0.5 0.5 0.5 
0.5 0.5 0.5 0.5 0.5 0.5 0.5 0.5 0.5 0.5 0.5 0.5 0.5 0.5 0.5 0.5 0.5 0.5 0.5 
0.5 0.5 0.5 0.5 0.5 0 0.5 0.5 0.5 0 0.5 0.5 0.5 0.5 0.5 0.5 0.5 0.5 0.5 0.5 
0.5 0.5 0.5 0.5 0.5 0.5 0.5
##$SPPEX=0 0 0 0 0 0 0 0 0 0 0 0 0 0 0 0 0 0 0 0 0 0 0 0 0 0 0 0 0 0 0 0 0 0 0 
0 0 0 0 0 0 0 0 0 0 0 0 0 0 0 0 0 0 0 0 0 0 0 0 0 0 0 0 0
##$SW=166.484743983355
##$SW_h=50000
##$SWIBOX=0 0 2 0 0 0 0 0 0 0 0 0 0 0 0 0 0 0 0 0
##END=
